GEM
  remote: http://rubygems.org/
  specs:
    actionmailer (2.3.11)
      actionpack (= 2.3.11)
    actionpack (2.3.11)
      activesupport (= 2.3.11)
      rack (~> 1.1.0)
    activerecord (2.3.11)
      activesupport (= 2.3.11)
    activerecord-oracle_enhanced-adapter (1.3.2)
    activeresource (2.3.11)
      activesupport (= 2.3.11)
    activesupport (2.3.11)
    akami (1.0.0)
      gyoku (>= 0.4.0)
    annoy (0.5.6)
      highline (>= 1.5.0)
    builder (3.0.0)
    capistrano (2.9.0)
      highline
      net-scp (>= 1.0.0)
      net-sftp (>= 2.0.0)
      net-ssh (>= 2.0.14)
      net-ssh-gateway (>= 1.1.0)
    capistrano-ext (1.2.1)
      capistrano (>= 1.0.0)
    drydock (0.6.9)
    gyoku (0.4.4)
      builder (>= 2.1.2)
    highline (1.6.8)
    httpclient (2.2.1)
    httpi (0.9.5)
      rack
    linecache (0.46)
      rbx-require-relative (> 0.0.4)
    mysql (2.8.1)
    net-scp (1.0.4)
      net-ssh (>= 1.99.1)
    net-sftp (2.0.5)
      net-ssh (>= 2.0.9)
    net-ssh (2.2.1)
    net-ssh-gateway (1.1.0)
      net-ssh (>= 1.99.1)
    nokogiri (1.5.0)
    nori (1.0.2)
    rack (1.1.2)
    rails (2.3.11)
      actionmailer (= 2.3.11)
      actionpack (= 2.3.11)
      activerecord (= 2.3.11)
      activeresource (= 2.3.11)
      activesupport (= 2.3.11)
      rake (>= 0.8.3)
    rake (0.9.2)
    rbx-require-relative (0.0.5)
    ruby-debug-base (0.10.4)
      linecache (>= 0.3)
    ruby-debug-ide (0.4.16)
      rake (>= 0.8.1)
    ruby-oci8 (2.0.6)
    rubygems-update (1.6.2)
    rye (0.9.4)
      annoy
      highline (>= 1.5.1)
      net-scp (>= 1.0.2)
      net-ssh (>= 2.0.13)
      sysinfo (>= 0.7.3)
    savon (0.9.7)
      akami (~> 1.0)
      builder (>= 2.1.2)
      gyoku (>= 0.4.0)
      httpi (~> 0.9)
      nokogiri (>= 1.4.0)
      nori (~> 1.0)
      wasabi (~> 2.0)
    storable (0.8.9)
    sysinfo (0.7.3)
      drydock
      storable
    wasabi (2.0.0)
      nokogiri (>= 1.4.0)

PLATFORMS
  ruby

DEPENDENCIES
  actionmailer (= 2.3.11)
  actionpack (= 2.3.11)
  activerecord (= 2.3.11)
  activerecord-oracle_enhanced-adapter (= 1.3.2)
  activeresource (= 2.3.11)
  activesupport (= 2.3.11)
  akami (= 1.0.0)
  annoy (= 0.5.6)
  builder (= 3.0.0)
  bundler (= 1.0.21)
  capistrano (= 2.9.0)
  capistrano-ext (= 1.2.1)
  drydock (= 0.6.9)
  gyoku (= 0.4.4)
  highline (= 1.6.8)
  httpclient (= 2.2.1)
  httpi (= 0.9.5)
  linecache (= 0.46)
  mysql (= 2.8.1)
  net-scp (= 1.0.4)
  net-sftp (= 2.0.5)
  net-ssh (= 2.2.1)
  net-ssh-gateway (= 1.1.0)
  nokogiri (= 1.5.0)
  nori (= 1.0.2)
  rack (= 1.1.2)
  rails (= 2.3.11)
  rake (= 0.9.2)
  rbx-require-relative (= 0.0.5)
  ruby-debug-base (= 0.10.4)
  ruby-debug-ide (= 0.4.16)
  ruby-oci8 (= 2.0.6)
  rubygems-update (= 1.6.2)
  rye (= 0.9.4)
  savon (= 0.9.7)
  storable (= 0.8.9)
  sysinfo (= 0.7.3)
  wasabi (= 2.0.0)
