GEM
  remote: http://rubygems.org/
  remote: http://rubygems.org/
  remote: http://rubygems.org/
  remote: http://gems.rubyforge.org/
  remote: http://rubygems.org/
  remote: http://gemcutter.org/
  remote: http://gems.github.com/
  specs:
    abstract (1.0.0)
    actionmailer (2.3.11)
      actionpack (= 2.3.11)
    actionpack (2.3.11)
      activesupport (= 2.3.11)
      rack (~> 1.1.0)
    activerecord (2.3.11)
      activesupport (= 2.3.11)
    activerecord-oracle_enhanced-adapter (1.3.2)
    activeresource (2.3.11)
      activesupport (= 2.3.11)
    activesupport (2.3.11)
    addressable (2.2.6)
    akami (1.0.0)
      gyoku (>= 0.4.0)
    annoy (0.5.6)
      highline (>= 1.5.0)
    arcadia (0.10.0)
      coderay
    arel (2.0.10)
    bcrypt-ruby (2.1.4-x86-mingw32)
    builder (3.0.0)
    capistrano (2.8.0)
      highline
      net-scp (>= 1.0.0)
      net-sftp (>= 2.0.0)
      net-ssh (>= 2.0.14)
      net-ssh-gateway (>= 1.1.0)
    capistrano-ext (1.2.1)
      capistrano (>= 1.0.0)
    cgi_multipart_eof_fix (2.5.0)
    childprocess (0.2.2)
      ffi (~> 1.0.6)
    coderay (0.9.8)
    columnize (0.3.4)
    configuration (1.3.1)
    crack (0.1.8)
    drydock (0.6.9)
    erubis (2.7.0)
    ffi (1.0.9-x86-mingw32)
    gem_plugin (0.2.3)
    gyoku (0.4.4)
      builder (>= 2.1.2)
    hashie (1.1.0)
    highline (1.6.2)
    httpclient (2.2.1)
    httpi (0.9.4)
      pyu-ntlm-http (>= 0.1.3.1)
      rack
    i18n (0.6.0)
    launchy (0.4.0)
      configuration (>= 0.0.5)
      rake (>= 0.8.1)
    mail (2.2.19)
      activesupport (>= 2.3.6)
      i18n (>= 0.4.0)
      mime-types (~> 1.16)
      treetop (~> 1.4.8)
    mime-types (1.16)
    mocha (0.9.12)
    multi_json (1.0.3)
    multi_xml (0.2.2)
    multipart-post (1.1.2)
    mysql (2.8.1-x86-mingw32)
    net-http-digest_auth (1.1.1)
    net-http-persistent (1.9)
    net-scp (1.0.4)
      net-ssh (>= 1.99.1)
    net-sftp (2.0.5)
      net-ssh (>= 2.0.9)
    net-ssh (2.1.4)
    net-ssh-gateway (1.1.0)
      net-ssh (>= 1.99.1)
    nokogiri (1.5.0-x86-mingw32)
    nori (1.0.2)
    ntlm-http (0.1.1)
    ocra (1.3.0)
    orm_adapter (0.0.5)
    polyglot (0.3.1)
    pyu-ntlm-http (0.1.3.1)
    rack (1.1.2)
    rails (2.3.11)
      actionmailer (= 2.3.11)
      actionpack (= 2.3.11)
      activerecord (= 2.3.11)
      activeresource (= 2.3.11)
      activesupport (= 2.3.11)
      rake (>= 0.8.3)
    rake (0.9.2)
    rbx-require-relative (0.0.5)
    ruby-oci8 (2.0.6-x86-mingw32)
    rubyzip (0.9.4)
    rye (0.9.4)
      annoy
      highline (>= 1.5.1)
      net-scp (>= 1.0.2)
      net-ssh (>= 2.0.13)
      sysinfo (>= 0.7.3)
    savon (0.9.7)
      akami (~> 1.0)
      builder (>= 2.1.2)
      gyoku (>= 0.4.0)
      httpi (~> 0.9)
      nokogiri (>= 1.4.0)
      nori (~> 1.0)
      wasabi (~> 2.0)
    simple_oauth (0.1.5)
    storable (0.8.9)
    sysinfo (0.7.3)
      drydock
      storable
    thor (0.14.6)
    tilt (1.3.3)
    treetop (1.4.10)
      polyglot
      polyglot (>= 0.3.1)
    tzinfo (0.3.29)
    wasabi (2.0.0)
      nokogiri (>= 1.4.0)
    xml-simple (1.0.16)

PLATFORMS
  x86-mingw32

DEPENDENCIES
  abstract (= 1.0.0)
  actionmailer (= 2.3.11)
  actionpack (= 2.3.11)
  activerecord (= 2.3.11)
  activerecord-oracle_enhanced-adapter (= 1.3.2)
  activeresource (= 2.3.11)
  addressable (= 2.2.6)
  akami (= 1.0.0)
  annoy (= 0.5.6)
  arcadia (= 0.10.0)
  arel (= 2.0.10)
  bcrypt-ruby (= 2.1.4)
  builder (= 3.0.0)
  bundler (= 1.0.21)
  capistrano (= 2.8.0)
  capistrano-ext (= 1.2.1)
  cgi_multipart_eof_fix (= 2.5.0)
  childprocess (= 0.2.2)
  coderay (= 0.9.8)
  columnize (= 0.3.4)
  crack (= 0.1.8)
  drydock (= 0.6.9)
  erubis (= 2.7.0)
  ffi (= 1.0.9)
  gem_plugin (= 0.2.3)
  gyoku (= 0.4.4)
  hashie (= 1.1.0)
  highline (= 1.6.2)
  httpclient (= 2.2.1)
  httpi (= 0.9.4)
  i18n (= 0.6.0)
  launchy (= 0.4.0)
  mail (= 2.2.19)
  mime-types (= 1.16)
  mocha (= 0.9.12)
  multi_json (= 1.0.3)
  multi_xml (= 0.2.2)
  multipart-post (= 1.1.2)
  mysql (= 2.8.1)
  net-http-digest_auth (= 1.1.1)
  net-http-persistent (= 1.9)
  net-scp (= 1.0.4)
  net-sftp (= 2.0.5)
  net-ssh (= 2.1.4)
  net-ssh-gateway (= 1.1.0)
  nori (= 1.0.2)
  ntlm-http (= 0.1.1)
  ocra (= 1.3.0)
  orm_adapter (= 0.0.5)
  polyglot (= 0.3.1)
  pyu-ntlm-http (= 0.1.3.1)
  rack (= 1.1.2)
  rails (= 2.3.11)
  rake (= 0.9.2)
  rbx-require-relative (= 0.0.5)
  ruby-oci8 (= 2.0.6)
  rubyzip (= 0.9.4)
  rye (= 0.9.4)
  savon (= 0.9.7)
  simple_oauth (= 0.1.5)
  storable (= 0.8.9)
  sysinfo (= 0.7.3)
  thor (= 0.14.6)
  tilt (= 1.3.3)
  treetop (= 1.4.10)
  tzinfo (= 0.3.29)
  wasabi (= 2.0.0)
  xml-simple (= 1.0.16)
